GEM
  remote: https://rubygems.org/
  specs:
    asterisk-ari-client (0.0.8)
      event_emitter (~> 0.2.5)
      multi_json
      websocket-client-simple (~> 0.2.0)
    event_emitter (0.2.6)
    multi_json (1.15.0)
    websocket (1.2.10)
    websocket-client-simple (0.2.5)
      event_emitter
      websocket

PLATFORMS
  x86_64-linux

DEPENDENCIES
  asterisk-ari-client

BUNDLED WITH
   2.2.3
